GIT
  remote: git://github.com/aslakhellesoy/cucumber-rails.git
  revision: 0fe7e4f
  specs:
    cucumber-rails (0.3.2)
      cucumber (>= 0.8.0)

GIT
  remote: git://github.com/bmabey/database_cleaner.git
  revision: 7ea99d7
  specs:
    database_cleaner (0.5.2)

GIT
  remote: git://github.com/durran/mongoid.git
  revision: a5abe21
  specs:
    mongoid (2.0.0.beta9)
      activemodel (~> 3.0.0.beta)
      bson (~> 1.0.3)
      mongo (~> 1.0.3)
      tzinfo (~> 0.3.22)
      will_paginate (~> 3.0.pre)

GIT
  remote: git://github.com/jnicklas/carrierwave.git
  revision: d5a4088
  specs:
    carrierwave (0.4.4)

GIT
  remote: git://github.com/probablycorey/mini_magick.git
  revision: 24be725
  specs:
    mini_magick (1.3.1)
      subexec (~> 0.0.4)

GIT
  remote: git://github.com/rails/rails.git
  revision: 7250909
  specs:
    actionmailer (3.0.0.beta4)
      actionpack (= 3.0.0.beta4)
      mail (~> 2.2.3)
    actionpack (3.0.0.beta4)
      activemodel (= 3.0.0.beta4)
      activesupport (= 3.0.0.beta4)
      builder (~> 2.1.2)
      erubis (~> 2.6.6)
      i18n (~> 0.4.1)
      rack (~> 1.2.1)
      rack-test (~> 0.5.4)
      tzinfo (~> 0.3.16)
    activemodel (3.0.0.beta4)
      activesupport (= 3.0.0.beta4)
      builder (~> 2.1.2)
      i18n (~> 0.4.1)
    activerecord (3.0.0.beta4)
      activemodel (= 3.0.0.beta4)
      activesupport (= 3.0.0.beta4)
      arel (~> 0.4.0)
      tzinfo (~> 0.3.16)
    activeresource (3.0.0.beta4)
      activemodel (= 3.0.0.beta4)
      activesupport (= 3.0.0.beta4)
    activesupport (3.0.0.beta4)
    rails (3.0.0.beta4)
      actionmailer (= 3.0.0.beta4)
      actionpack (= 3.0.0.beta4)
      activerecord (= 3.0.0.beta4)
      activeresource (= 3.0.0.beta4)
      activesupport (= 3.0.0.beta4)
      bundler (>= 1.0.0.beta.3)
      railties (= 3.0.0.beta4)
    railties (3.0.0.beta4)
      actionpack (= 3.0.0.beta4)
      activesupport (= 3.0.0.beta4)
      rake (>= 0.8.3)
      thor (~> 0.13.7)

GIT
  remote: http://github.com/plataformatec/devise.git
  revision: 05d23f1
  specs:
    devise (1.1.0)
      bcrypt-ruby (~> 2.1.2)
      warden (~> 0.10.7)

GEM
  remote: http://rubygems.org/
  specs:
    ZenTest (4.3.3)
    abstract (1.0.0)
    arel (0.4.0)
      activesupport (>= 3.0.0.beta)
    autotest (4.3.2)
    autotest-rails (4.1.0)
      ZenTest
    bcrypt-ruby (2.1.2)
    bson (1.0.3)
    bson_ext (1.0.1)
    builder (2.1.2)
    capistrano (2.5.19)
      highline
      net-scp (>= 1.0.0)
      net-sftp (>= 2.0.0)
      net-ssh (>= 2.0.14)
      net-ssh-gateway (>= 1.0.0)
    capybara (0.3.9)
      culerity (>= 0.2.4)
      mime-types (>= 1.16)
      nokogiri (>= 1.3.3)
      rack (>= 1.0.0)
      rack-test (>= 0.5.4)
      selenium-webdriver (>= 0.0.3)
    cucumber (0.8.3)
      builder (~> 2.1.2)
      diff-lcs (~> 1.1.2)
      gherkin (~> 2.0.2)
      json_pure (~> 1.4.3)
      term-ansicolor (~> 1.0.4)
    culerity (0.2.10)
    diff-lcs (1.1.2)
    erubis (2.6.6)
      abstract (>= 1.0.0)
    factory_girl (1.3.1)
    factory_girl_rails (1.0)
      factory_girl (~> 1.3)
      rails (>= 3.0.0.beta4)
    ffi (0.6.3)
      rake (>= 0.8.7)
    gherkin (2.0.2)
      trollop (~> 1.16.2)
    highline (1.5.2)
    i18n (0.4.1)
    json_pure (1.4.3)
    mail (2.2.5)
      activesupport (>= 2.3.6)
      mime-types
      treetop (>= 1.4.5)
    mime-types (1.16)
    mongo (1.0.3)
      bson (= 1.0.3)
    net-scp (1.0.2)
      net-ssh (>= 1.99.1)
    net-sftp (2.0.4)
      net-ssh (>= 2.0.9)
    net-ssh (2.0.23)
    net-ssh-gateway (1.0.1)
      net-ssh (>= 1.99.1)
    nokogiri (1.4.2)
    polyglot (0.3.1)
    rack (1.2.1)
    rack-test (0.5.4)
      rack (>= 1.0)
    rails3-generators (0.10.3)
    rake (0.8.7)
    rcov (0.9.8)
    rcov_rails (0.1.9)
      rcov
    rspec (2.0.0.beta.17)
      rspec-core (= 2.0.0.beta.17)
      rspec-expectations (= 2.0.0.beta.17)
      rspec-mocks (= 2.0.0.beta.17)
    rspec-core (2.0.0.beta.17)
    rspec-expectations (2.0.0.beta.17)
      diff-lcs (>= 1.1.2)
    rspec-mocks (2.0.0.beta.17)
    rspec-rails (2.0.0.beta.17)
      rspec (>= 2.0.0.beta.14)
      webrat (>= 0.7.0)
    selenium-webdriver (0.0.24)
      ffi (>= 0.6.1)
      json_pure
    subexec (0.0.4)
    term-ansicolor (1.0.5)
    thor (0.13.7)
    treetop (1.4.8)
      polyglot (>= 0.3.1)
    trollop (1.16.2)
    tzinfo (0.3.22)
    warden (0.10.7)
      rack (>= 1.0.0)
    webrat (0.7.1)
      nokogiri (>= 1.2.0)
      rack (>= 1.0)
      rack-test (>= 0.5.3)
    will_paginate (3.0.pre)

PLATFORMS
  ruby

DEPENDENCIES
  autotest
  autotest-rails
  bson_ext
  capistrano
  capybara
  carrierwave!
  cucumber-rails!
  database_cleaner!
  devise!
  factory_girl_rails (= 1.0)
  mini_magick!
  mongoid!
  rails!
  rails3-generators
  rcov
  rcov_rails
  rspec (>= 2.0.0.beta.12)
  rspec-rails (>= 2.0.0.beta.12)
